GEM
  remote: https://rubygems.org/
  specs:
    Ruby-IRC (1.0.13)
    eventmachine (0.12.10)
    jabbot (1.0.0)
      eventmachine (~> 0.12)
      xmpp4r (~> 0.4)
    xmpp4r (0.5.6)

PLATFORMS
  ruby

DEPENDENCIES
  Ruby-IRC
  jabbot
